NUGET
  remote: https://api.nuget.org/v3/index.json
    System.ValueTuple (4.3.1) - restriction: >= net462
